GIT
  remote: https://github.com/discourse/moby-derp.git
  revision: 98fe433f90d259c625430c0e2379e81e86419136
  specs:
    moby-derp (0.7.2.6.g98fe433)
      docker-api
      json-canonicalization

GEM
  remote: https://rubygems.org/
  specs:
    coderay (1.1.3)
    diff-lcs (1.4.4)
    docker-api (2.0.0)
      excon (>= 0.47.0)
      multi_json
    excon (0.76.0)
    ffi (1.13.1)
    formatador (0.2.5)
    frankenstein (2.1.0)
      prometheus-client (~> 2.0)
      rack (~> 2.0)
    git-version-bump (0.17.1)
    guard (2.16.2)
      formatador (>= 0.2.4)
      listen (>= 2.7, < 4.0)
      lumberjack (>= 1.0.12, < 2.0)
      nenv (~> 0.1)
      notiffany (~> 0.0)
      pry (>= 0.9.12)
      shellany (~> 0.0)
      thor (>= 0.18.1)
    guard-compat (1.2.1)
    guard-rspec (4.7.3)
      guard (~> 2.1)
      guard-compat (~> 1.1)
      rspec (>= 2.99.0, < 4.0)
    json-canonicalization (0.2.0)
    listen (3.2.1)
      rb-fsevent (~> 0.10, >= 0.10.3)
      rb-inotify (~> 0.9, >= 0.9.10)
    loggerstash (0.0.9)
      logstash_writer (>= 0.0.11)
    logstash_writer (0.0.12)
      prometheus-client (~> 2.0)
    lumberjack (1.2.8)
    method_source (1.0.0)
    multi_json (1.15.0)
    nenv (0.3.0)
    notiffany (0.1.3)
      nenv (~> 0.1)
      shellany (~> 0.0)
    prometheus-client (2.1.0)
    pry (0.13.1)
      coderay (~> 1.1)
      method_source (~> 1.0)
    rack (2.2.3)
    rake (10.5.0)
    rb-fsevent (0.10.4)
    rb-inotify (0.10.1)
      ffi (~> 1.0)
    redcarpet (3.5.0)
    rspec (3.9.0)
      rspec-core (~> 3.9.0)
      rspec-expectations (~> 3.9.0)
      rspec-mocks (~> 3.9.0)
    rspec-core (3.9.2)
      rspec-support (~> 3.9.3)
    rspec-expectations (3.9.2)
      diff-lcs (>= 1.2.0, < 2.0)
      rspec-support (~> 3.9.0)
    rspec-mocks (3.9.1)
      diff-lcs (>= 1.2.0, < 2.0)
      rspec-support (~> 3.9.0)
    rspec-support (3.9.3)
    service_skeleton (0.0.0.49.g47046b9)
      frankenstein (~> 2.0)
      loggerstash (>= 0.0.9, < 1)
      prometheus-client (~> 2.0)
      sigdump (~> 0.2)
      to_regexp (~> 0.2)
      ultravisor (~> 0.a)
    shellany (0.0.1)
    sigdump (0.2.4)
    thor (1.0.1)
    to_regexp (0.2.1)
    ultravisor (0.0.0.3.g8cf10dc)
    yard (0.9.25)

PLATFORMS
  ruby

DEPENDENCIES
  bundler
  docker-api
  frankenstein (~> 2.0)
  git-version-bump
  guard-rspec
  moby-derp!
  rake (~> 10.4, >= 10.4.2)
  rb-inotify (~> 0.9)
  redcarpet
  rspec
  service_skeleton (> 0.0.0.46.a)
  yard

BUNDLED WITH
   2.1.4
